GIT
  remote: git@github.com:jamesgary/percolator.git
  revision: 5b00d39a3bc4141626215bf3abb84d50591aa1fa
  specs:
    percolator (0.0.1.prealpha)

GEM
  remote: https://rubygems.org/
  specs:
    em-websocket (0.4.0)
      eventmachine (>= 0.12.9)
      http_parser.rb (~> 0.5.3)
    eventmachine (1.0.0)
    http_parser.rb (0.5.3)

PLATFORMS
  ruby

DEPENDENCIES
  em-websocket (~> 0.4)
  percolator!
