GEM
  remote: https://rubygems.org/
  specs:
    em-websocket (0.4.0)
      eventmachine (>= 0.12.9)
      http_parser.rb (~> 0.5.3)
    eventmachine (1.0.0)
    http_parser.rb (0.5.3)
    percolator (0.0.1.prealpha)

PLATFORMS
  ruby

DEPENDENCIES
  em-websocket (~> 0.4)
  percolator (~> 0.0.1.prealpha)
